GEM
  remote: https://rubygems.org/
  specs:
    httpclient (2.7.1)
    multi_json (1.11.2)
    pusher (0.17.0)
      httpclient (~> 2.7)
      multi_json (~> 1.0)
      pusher-signature (~> 0.1.8)
    pusher-signature (0.1.8)
    rack (1.6.4)
    rack-protection (1.5.3)
      rack
    sinatra (1.4.7)
      rack (~> 1.5)
      rack-protection (~> 1.4)
      tilt (>= 1.3, < 3)
    tilt (2.0.2)

PLATFORMS
  ruby

DEPENDENCIES
  pusher
  sinatra

BUNDLED WITH
   1.11.2
